GEM
  remote: http://rubygems.org/
  specs:
    hpp (0.1.2)
      listen (>= 0.5.3)
      thor (>= 0.16.0)
    listen (0.6.0)
    rack (1.4.1)
    rack-protection (1.2.0)
      rack
    rake (10.0.2)
    rb-fsevent (0.9.2)
    sinatra (1.3.3)
      rack (~> 1.3, >= 1.3.6)
      rack-protection (~> 1.2)
      tilt (~> 1.3, >= 1.3.3)
    thor (0.16.0)
    tilt (1.3.3)

PLATFORMS
  ruby

DEPENDENCIES
  hpp
  rack
  rake
  rb-fsevent (~> 0.9.1)
  sinatra
